GEM
  remote: http://rubygems.org/
  specs:
    daemons (1.1.9)
    json (1.8.0)
    newrelic_plugin (1.2.1)
      json

PLATFORMS
  ruby

DEPENDENCIES
  daemons
  newrelic_plugin
